STORAGE: NONE
RESTRICTION: || (== net46) (== netstandard2.0)
NUGET
  remote: https://api.nuget.org/v3/index.json
    FSharp.Core (4.3.4) - redirects: force
    Microsoft.CodeCoverage (1.0.3) - restriction: || (== net46) (&& (== netstandard2.0) (>= net45)) (&& (== netstandard2.0) (>= netcoreapp1.0))
    Microsoft.DotNet.Watcher.Tools (2.0.1) - clitool: true
    Microsoft.NET.Test.Sdk (15.7)
      Microsoft.CodeCoverage (>= 1.0.3) - restriction: || (== net46) (&& (== netstandard2.0) (>= net45)) (&& (== netstandard2.0) (>= netcoreapp1.0))
    Microsoft.NETCore.Platforms (2.0.2) - restriction: || (&& (== net46) (< net20) (>= netstandard2.0)) (&& (== net46) (>= netcoreapp2.0)) (&& (== net46) (< netstandard1.0) (>= netstandard2.0) (>= win8)) (&& (== net46) (< netstandard1.3) (>= netstandard2.0) (>= wpa81)) (&& (== net46) (>= netstandard2.0) (>= uap10.0)) (&& (== net46) (>= netstandard2.0) (>= wp8)) (== netstandard2.0)
    NETStandard.Library (2.0.2) - restriction: || (&& (== net46) (< net20) (>= netstandard2.0)) (== netstandard2.0)
      Microsoft.NETCore.Platforms (>= 1.1)
    nunit (3.10.1)
      NETStandard.Library (>= 2.0) - restriction: || (&& (== net46) (< net20) (>= netstandard2.0)) (== netstandard2.0)
    NUnit.ConsoleRunner (3.8)
    NUnit.Extension.NUnitProjectLoader (3.6)
    NUnit.Extension.NUnitV2Driver (3.7)
    NUnit.Extension.NUnitV2ResultWriter (3.6)
    NUnit.Extension.TeamCityEventListener (1.0.3)
    NUnit.Extension.VSProjectLoader (3.7)
    NUnit.Runners (3.8)
      NUnit.ConsoleRunner (>= 3.8)
      NUnit.Extension.NUnitProjectLoader (>= 3.5)
      NUnit.Extension.NUnitV2Driver (>= 3.6)
      NUnit.Extension.NUnitV2ResultWriter (>= 3.5)
      NUnit.Extension.TeamCityEventListener (>= 1.0.3)
      NUnit.Extension.VSProjectLoader (>= 3.7)
    NUnit3TestAdapter (3.10)
